GEM
  remote: https://rubygems.org/
  specs:
    addressable (2.8.1)
      public_suffix (>= 2.0.2, < 6.0)
    crack (0.4.5)
      rexml
    fastimage (2.2.6)
    hashdiff (1.0.1)
    minitest (5.15.0)
    public_suffix (4.0.7)
    rexml (3.2.5)
    webmock (3.18.1)
      addressable (>= 2.8.0)
      crack (>= 0.3.2)
      hashdiff (>= 0.4.0, < 2.0.0)

PLATFORMS
  x86_64-darwin-18
  x86_64-darwin-20

DEPENDENCIES
  fastimage
  minitest
  webmock

BUNDLED WITH
   2.3.21
