GEM
  remote: https://rubygems.org/
  specs:
    addressable (2.8.1)
      public_suffix (>= 2.0.2, < 6.0)
    crack (0.4.5)
      rexml
    diff-lcs (1.5.0)
    fastimage (2.2.6)
    hashdiff (1.0.1)
    minitest (5.15.0)
    public_suffix (4.0.7)
    rexml (3.2.5)
    rspec (3.12.0)
      rspec-core (~> 3.12.0)
      rspec-expectations (~> 3.12.0)
      rspec-mocks (~> 3.12.0)
    rspec-core (3.12.0)
      rspec-support (~> 3.12.0)
    rspec-expectations (3.12.0)
      diff-lcs (>= 1.2.0, < 2.0)
      rspec-support (~> 3.12.0)
    rspec-mocks (3.12.0)
      diff-lcs (>= 1.2.0, < 2.0)
      rspec-support (~> 3.12.0)
    rspec-support (3.12.0)
    webmock (3.18.1)
      addressable (>= 2.8.0)
      crack (>= 0.3.2)
      hashdiff (>= 0.4.0, < 2.0.0)

PLATFORMS
  x86_64-darwin-18
  x86_64-darwin-20
  x86_64-linux

DEPENDENCIES
  fastimage
  minitest
  rspec (~> 3.12)
  webmock

RUBY VERSION
   ruby 2.7.2p137

BUNDLED WITH
   2.3.21
